GEM
  remote: http://rubygems.org/
  specs:
    fast_gettext (0.5.11)
    mechanize (1.0.0)
      nokogiri (>= 1.2.1)
    nokogiri (1.4.4)

PLATFORMS
  ruby

DEPENDENCIES
  fast_gettext
  mechanize
