GEM
  remote: http://rubygems.org/
  specs:
    gettext (2.1.0)
      locale (>= 2.0.5)
    locale (2.0.5)
    mechanize (1.0.0)
      nokogiri (>= 1.2.1)
    nokogiri (1.4.4)

PLATFORMS
  ruby

DEPENDENCIES
  gettext
  mechanize
